GEM
  remote: https://rubygems.org/
  specs:
    builder (3.2.4)
    httparty (0.20.0)
      mime-types (~> 3.0)
      multi_xml (>= 0.5.2)
    mime-types (3.4.1)
      mime-types-data (~> 3.2015)
    mime-types-data (3.2022.0105)
    multi_xml (0.6.0)

PLATFORMS
  ruby

DEPENDENCIES
  builder (~> 3.2, >= 3.2.2)
  httparty

BUNDLED WITH
   2.2.32
