GEM
  remote: https://rubygems.org/
  specs:
    builder (3.2.4)
    httparty (0.19.0)
      mime-types (~> 3.0)
      multi_xml (>= 0.5.2)
    mime-types (3.3.1)
      mime-types-data (~> 3.2015)
    mime-types-data (3.2021.0901)
    multi_xml (0.6.0)

PLATFORMS
  ruby

DEPENDENCIES
  builder (~> 3.2, >= 3.2.2)!
  httparty!

BUNDLED WITH
   2.1.4
