GEM
  remote: https://rubygems.org/
  specs:
    builder (3.2.4)
    httparty (0.21.0)
      mini_mime (>= 1.0.0)
      multi_xml (>= 0.5.2)
    mini_mime (1.1.2)
    multi_xml (0.6.0)

PLATFORMS
  ruby

DEPENDENCIES
  builder (~> 3.2, >= 3.2.2)
  httparty

BUNDLED WITH
   2.2.32
